FRAMEWORK: >= NET461
NUGET
  remote: https://www.nuget.org/api/v2
  specs:
    FSharp.Data (2.3)
